GEM
  remote: https://rubygems.org/
  specs:
    filewatcher (2.1.0)
      module_methods (~> 0.1.0)
    module_methods (0.1.0)

PLATFORMS
  x86_64-linux

DEPENDENCIES
  filewatcher

BUNDLED WITH
   2.4.12
